RESTRICTION: || (== net8.0) (== netstandard2.1)
NUGET
  remote: https://api.nuget.org/v3/index.json
    Autofac (8.0)
      System.Diagnostics.DiagnosticSource (>= 7.0.2)
    Be.Vlaanderen.Basisregisters.AggregateSource (9.0.1)
      Be.Vlaanderen.Basisregisters.Utilities.HashCodeCalculator (>= 4.0)
      Be.Vlaanderen.Basisregisters.Utilities.HexByteConvertor (>= 4.0)
      Be.Vlaanderen.Basisregisters.Utilities.ToStringBuilder (>= 4.0)
      Newtonsoft.Json (>= 13.0.3)
      NodaTime (>= 3.1.11)
    Be.Vlaanderen.Basisregisters.Build.Pipeline (7.0.4)
    Be.Vlaanderen.Basisregisters.Generators.Guid.Deterministic (4.0)
    Be.Vlaanderen.Basisregisters.Utilities.HashCodeCalculator (4.0)
    Be.Vlaanderen.Basisregisters.Utilities.HexByteConvertor (4.0)
    Be.Vlaanderen.Basisregisters.Utilities.ToStringBuilder (4.0)
    DiffEngine (15.2.2)
      EmptyFiles (>= 8.1.1) - restriction: || (== net8.0) (&& (== netstandard2.1) (>= net472)) (&& (== netstandard2.1) (>= net6.0))
      System.Management (>= 6.0.2) - restriction: || (== net8.0) (&& (== netstandard2.1) (>= net472)) (&& (== netstandard2.1) (>= net6.0))
    EmptyFiles (8.1.1)
    GeoJSON.Net (1.2.19)
      Newtonsoft.Json (>= 10.0.2)
    Microsoft.CodeCoverage (17.9) - restriction: || (== net8.0) (&& (== netstandard2.1) (>= net462)) (&& (== netstandard2.1) (>= netcoreapp3.1))
    Microsoft.CSharp (4.7) - restriction: || (&& (== net8.0) (< net5.0)) (== netstandard2.1)
    Microsoft.Extensions.DependencyInjection.Abstractions (8.0)
    Microsoft.Extensions.Logging.Abstractions (8.0)
      Microsoft.Extensions.DependencyInjection.Abstractions (>= 8.0)
      System.Buffers (>= 4.5.1) - restriction: || (&& (== net8.0) (>= net462)) (&& (== net8.0) (< net6.0)) (== netstandard2.1)
      System.Memory (>= 4.5.5) - restriction: || (&& (== net8.0) (>= net462)) (&& (== net8.0) (< net6.0)) (== netstandard2.1)
    Microsoft.NET.Test.Sdk (17.9)
      Microsoft.CodeCoverage (>= 17.9) - restriction: || (== net8.0) (&& (== netstandard2.1) (>= net462)) (&& (== netstandard2.1) (>= netcoreapp3.1))
      Microsoft.TestPlatform.TestHost (>= 17.9) - restriction: || (== net8.0) (&& (== netstandard2.1) (>= netcoreapp3.1))
    Microsoft.TestPlatform.ObjectModel (17.9) - restriction: || (== net8.0) (&& (== netstandard2.1) (>= netcoreapp3.1))
      System.Reflection.Metadata (>= 1.6)
    Microsoft.TestPlatform.TestHost (17.9) - restriction: || (== net8.0) (&& (== netstandard2.1) (>= netcoreapp3.1))
      Microsoft.TestPlatform.ObjectModel (>= 17.9) - restriction: || (== net8.0) (&& (== netstandard2.1) (>= netcoreapp3.1))
      Newtonsoft.Json (>= 13.0.1) - restriction: || (== net8.0) (&& (== netstandard2.1) (>= netcoreapp3.1))
    Newtonsoft.Json (13.0.3)
    NodaTime (3.1.11)
      System.Runtime.CompilerServices.Unsafe (>= 4.7.1)
    NodaTime.Serialization.JsonNet (3.1)
      Newtonsoft.Json (>= 13.0.3)
      NodaTime (>= 3.0 < 4.0)
    Shouldly (4.2.1)
      DiffEngine (>= 11.3)
      EmptyFiles (>= 4.4)
      Microsoft.CSharp (>= 4.7) - restriction: || (&& (== net8.0) (< net5.0)) (== netstandard2.1)
    SourceLink.Copy.PdbFiles (2.8.3) - copy_local: true
    SourceLink.Embed.AllSourceFiles (2.8.3) - copy_local: true
    System.Buffers (4.5.1) - restriction: || (&& (== net8.0) (>= net462)) (&& (== net8.0) (< net6.0)) (== netstandard2.1)
    System.CodeDom (8.0) - restriction: || (== net8.0) (&& (== netstandard2.1) (>= net472)) (&& (== netstandard2.1) (>= net6.0))
    System.Collections.Immutable (8.0) - restriction: || (== net8.0) (&& (== netstandard2.1) (>= netcoreapp3.1))
    System.Diagnostics.DiagnosticSource (8.0)
      System.Memory (>= 4.5.5) - restriction: || (&& (== net8.0) (>= net462)) (&& (== net8.0) (< net6.0)) (== netstandard2.1)
      System.Runtime.CompilerServices.Unsafe (>= 6.0) - restriction: || (&& (== net8.0) (>= net462)) (&& (== net8.0) (< net6.0)) (&& (== net8.0) (< net7.0)) (== netstandard2.1)
    System.Management (8.0) - restriction: || (== net8.0) (&& (== netstandard2.1) (>= net472)) (&& (== netstandard2.1) (>= net6.0))
      System.CodeDom (>= 8.0)
    System.Memory (4.5.5) - restriction: || (&& (== net8.0) (>= net462)) (&& (== net8.0) (< net6.0)) (== netstandard2.1)
      System.Buffers (>= 4.5.1) - restriction: || (&& (== net8.0) (>= monotouch)) (&& (== net8.0) (>= net461)) (&& (== net8.0) (< netcoreapp2.0)) (&& (== net8.0) (< netstandard1.1)) (&& (== net8.0) (< netstandard2.0)) (&& (== net8.0) (>= xamarinios)) (&& (== net8.0) (>= xamarinmac)) (&& (== net8.0) (>= xamarintvos)) (&& (== net8.0) (>= xamarinwatchos)) (== netstandard2.1)
      System.Numerics.Vectors (>= 4.4) - restriction: || (&& (== net8.0) (< netcoreapp2.0)) (== netstandard2.1)
      System.Runtime.CompilerServices.Unsafe (>= 4.5.3) - restriction: || (&& (== net8.0) (>= monotouch)) (&& (== net8.0) (>= net461)) (&& (== net8.0) (< netcoreapp2.0)) (&& (== net8.0) (< netcoreapp2.1)) (&& (== net8.0) (< netstandard1.1)) (&& (== net8.0) (< netstandard2.0)) (&& (== net8.0) (>= uap10.1)) (&& (== net8.0) (>= xamarinios)) (&& (== net8.0) (>= xamarinmac)) (&& (== net8.0) (>= xamarintvos)) (&& (== net8.0) (>= xamarinwatchos)) (== netstandard2.1)
    System.Numerics.Vectors (4.5) - restriction: || (&& (== net8.0) (>= net462)) (&& (== net8.0) (< netcoreapp2.0)) (== netstandard2.1)
    System.Reflection.Metadata (8.0) - restriction: || (== net8.0) (&& (== netstandard2.1) (>= netcoreapp3.1))
      System.Collections.Immutable (>= 8.0)
    System.Runtime.CompilerServices.Unsafe (6.0)
    xunit (2.7)
      xunit.analyzers (>= 1.11)
      xunit.assert (>= 2.7)
      xunit.core (2.7)
    xunit.abstractions (2.0.3)
    xunit.analyzers (1.11)
    xunit.assert (2.7)
    xunit.core (2.7)
      xunit.extensibility.core (2.7)
      xunit.extensibility.execution (2.7)
    xunit.extensibility.core (2.7)
      xunit.abstractions (>= 2.0.3)
    xunit.extensibility.execution (2.7)
      xunit.extensibility.core (2.7)
    xunit.runner.visualstudio (2.5.7)
